GEM
  remote: https://rubygems.org/
  specs:
    concurrent-ruby (1.1.10)
    faker (2.23.0)
      i18n (>= 1.8.11, < 2)
    faraday (2.5.2)
      faraday-net_http (>= 2.0, < 3.1)
      ruby2_keywords (>= 0.0.4)
    faraday-multipart (1.0.4)
      multipart-post (~> 2)
    faraday-net_http (3.0.0)
    i18n (1.12.0)
      concurrent-ruby (~> 1.0)
    multipart-post (2.2.3)
    ruby2_keywords (0.0.5)

PLATFORMS
  arm64-darwin-21

DEPENDENCIES
  faker
  faraday
  faraday-multipart

BUNDLED WITH
   2.3.7
